GEM
  remote: https://rubygems.org/
  specs:
    awesome_print (1.8.0)
    codeclimate-test-reporter (1.0.7)
      simplecov
    connection_pool (2.3.0)
    diff-lcs (1.3)
    docile (1.1.5)
    json (2.1.0)
    puma (3.12.4)
    rack (1.6.13)
    rack-console (1.3.1)
      rack (>= 1.1)
      rack-test
    rack-protection (1.5.5)
      rack
    rack-test (0.8.3)
      rack (>= 1.0, < 3)
    rake (12.3.3)
    redis (5.0.6)
      redis-client (>= 0.9.0)
    redis-client (0.12.1)
      connection_pool
    rspec (3.7.0)
      rspec-core (~> 3.7.0)
      rspec-expectations (~> 3.7.0)
      rspec-mocks (~> 3.7.0)
    rspec-core (3.7.1)
      rspec-support (~> 3.7.0)
    rspec-expectations (3.7.0)
      diff-lcs (>= 1.2.0, < 2.0)
      rspec-support (~> 3.7.0)
    rspec-mocks (3.7.0)
      diff-lcs (>= 1.2.0, < 2.0)
      rspec-support (~> 3.7.0)
    rspec-support (3.7.1)
    simplecov (0.15.1)
      docile (~> 1.1.0)
      json (>= 1.8, < 3)
      simplecov-html (~> 0.10.0)
    simplecov-html (0.10.2)
    sinatra (1.4.8)
      rack (~> 1.5)
      rack-protection (~> 1.4)
      tilt (>= 1.3, < 3)
    tilt (2.0.8)

PLATFORMS
  ruby

DEPENDENCIES
  awesome_print
  codeclimate-test-reporter
  puma
  rack-console
  rack-test
  rake
  redis
  rspec
  simplecov
  sinatra (~> 1)

RUBY VERSION
   ruby 2.7.5p203

BUNDLED WITH
   2.4.6
